PATH
  remote: .
  specs:
    ssdb (0.1.3)

GEM
  remote: https://rubygems.org/
  specs:
    colorize (0.5.8)
    coveralls (0.6.7)
      colorize
      multi_json (~> 1.3)
      rest-client
      simplecov (>= 0.7)
      thor
    diff-lcs (1.2.3)
    json (1.7.7)
    mime-types (1.23)
    multi_json (1.7.3)
    rake (10.0.4)
    redcarpet (2.2.2)
    rest-client (1.6.7)
      mime-types (>= 1.16)
    rspec (2.13.0)
      rspec-core (~> 2.13.0)
      rspec-expectations (~> 2.13.0)
      rspec-mocks (~> 2.13.0)
    rspec-core (2.13.1)
    rspec-expectations (2.13.0)
      diff-lcs (>= 1.1.3, < 2.0)
    rspec-mocks (2.13.1)
    simplecov (0.7.1)
      multi_json (~> 1.0)
      simplecov-html (~> 0.7.1)
    simplecov-html (0.7.1)
    thor (0.18.1)
    yard (0.8.6.1)

PLATFORMS
  ruby

DEPENDENCIES
  bundler
  coveralls
  json (>= 1.7.7)
  rake
  redcarpet
  rspec
  ssdb!
  yard
